GEM
  remote: https://rubygems.org/
  specs:
    axlsx (2.0.1)
      htmlentities (~> 4.3.1)
      nokogiri (>= 1.4.1)
      rubyzip (~> 1.0.0)
    htmlentities (4.3.4)
    mini_portile2 (2.1.0)
    nokogiri (1.6.8.1-x64-mingw32)
      mini_portile2 (~> 2.1.0)
    rubyzip (1.0.0)

PLATFORMS
  x64-mingw32

DEPENDENCIES
  axlsx

BUNDLED WITH
   1.12.5
